GEM
  remote: https://rubygems.org/
  specs:
    activesupport (6.1.0)
      concurrent-ruby (~> 1.0, >= 1.0.2)
      i18n (>= 1.6, < 2)
      minitest (>= 5.1)
      tzinfo (~> 2.0)
      zeitwerk (~> 2.3)
    concurrent-ruby (1.1.7)
    dry-cli (0.6.0)
      concurrent-ruby (~> 1.0)
    i18n (1.8.5)
      concurrent-ruby (~> 1.0)
    iniparser (1.0.1)
    kramdown (2.3.0)
      rexml
    logutils (0.6.1)
    markdown (1.2.0)
      kramdown (>= 1.5.0)
      props (>= 1.1.2)
      textutils (>= 0.10.0)
    minitest (5.14.2)
    props (1.2.0)
      iniparser (>= 0.1.0)
    rexml (3.2.4)
    rubyzip (2.3.0)
    textutils (1.4.0)
      activesupport
      logutils (>= 0.6.1)
      props (>= 1.1.2)
      rubyzip (>= 1.0.0)
    tzinfo (2.0.3)
      concurrent-ruby (~> 1.0)
    zeitwerk (2.4.2)

PLATFORMS
  ruby

DEPENDENCIES
  dry-cli (~> 0.6)
  markdown (= 1.2.0)

RUBY VERSION
   ruby 2.7.2p137

BUNDLED WITH
   2.1.4
